PATH
  remote: .
  specs:
    ldap_lookup (0.1.5)
      net-ldap (~> 0.17.0)

GEM
  remote: https://rubygems.org/
  specs:
    diff-lcs (1.3)
    net-ldap (0.17.1)
    rake (13.0.1)
    rspec (3.7.0)
      rspec-core (~> 3.7.0)
      rspec-expectations (~> 3.7.0)
      rspec-mocks (~> 3.7.0)
    rspec-core (3.7.1)
      rspec-support (~> 3.7.0)
    rspec-expectations (3.7.0)
      diff-lcs (>= 1.2.0, < 2.0)
      rspec-support (~> 3.7.0)
    rspec-mocks (3.7.0)
      diff-lcs (>= 1.2.0, < 2.0)
      rspec-support (~> 3.7.0)
    rspec-support (3.7.1)

PLATFORMS
  ruby

DEPENDENCIES
  bundler (~> 2.2.26)
  ldap_lookup!
  rake (~> 13.0)
  rspec (~> 3.7.0)

BUNDLED WITH
   2.2.26
